GEM
  remote: http://rubygems.org/
  specs:
    browshot (1.14.0)
      json
      url
    json (2.3.0)
    rake (13.0.1)
    rmagick (4.1.2)
    url (0.3.2)

PLATFORMS
  ruby

DEPENDENCIES
  browshot (~> 1.14.0)
  rake
  rmagick

BUNDLED WITH
   2.1.4
