GEM
  remote: http://rubygems.org/
  specs:
    browshot (1.9.0)
      json
      url
    json (1.7.3)
    rake (0.9.2.2)
    rmagick (2.13.1)
    url (0.3.2)

PLATFORMS
  ruby

DEPENDENCIES
  browshot
  rake
  rmagick
